GEM
  remote: https://rubygems.org/
  specs:
    addressable (2.3.2)
    ansi (1.4.3)
    aws-sdk (1.8.2)
      json (~> 1.4)
      nokogiri (>= 1.4.4)
      uuidtools (~> 2.1)
    boxen (1.0.1)
      ansi (~> 1.4)
      hiera (~> 1.0.0)
      highline (~> 1.6)
      json_pure (>= 1.7.7, < 2.0)
      librarian-puppet (~> 0.9)
      octokit (~> 1.15)
      puppet (~> 3.0)
    builder (3.1.4)
    facter (1.6.17)
    faraday (0.8.5)
      multipart-post (~> 1.1)
    faraday_middleware (0.9.0)
      faraday (>= 0.7.4, < 0.9)
    hashie (1.2.0)
    hiera (1.0.0)
    highline (1.6.15)
    json (1.7.7)
    json_pure (1.7.7)
    librarian-puppet (0.9.8)
      json
      thor (~> 0.15)
    multi_json (1.6.1)
    multipart-post (1.1.5)
    net-ssh (2.6.5)
    netrc (0.7.7)
    nokogiri (1.5.6)
    octokit (1.23.0)
      addressable (~> 2.2)
      faraday (~> 0.8)
      faraday_middleware (~> 0.9)
      hashie (~> 1.2)
      multi_json (~> 1.3)
      netrc (~> 0.7.7)
    open4 (1.3.0)
    puppet (3.1.0)
      facter (~> 1.6)
      hiera (~> 1.0)
    rbvmomi (1.6.0)
      builder
      nokogiri (>= 1.4.1)
      trollop
    thor (0.17.0)
    trollop (2.0)
    uuidtools (2.1.3)

PLATFORMS
  ruby

DEPENDENCIES
  aws-sdk
  boxen (~> 1.0)
  net-ssh
  open4 (~> 1.3)
  rbvmomi
